PATH
  remote: ../
  specs:
    zync (0.0.2)
      activesupport (~> 3.0.3)
      eventmachine (~> 1.0.0.beta.2)
      i18n
      rack (~> 1.2.1)
      rack-mount (~> 0.6.13)
      zync-gen (= 0.0.2)
    zync-gen (0.0.2)
      activesupport (~> 3.0.3)
      i18n
      thor (~> 0.14.6)

GEM
  remote: http://rubygems.org/
  specs:
    activesupport (3.0.3)
    async-rack (0.5.0)
      rack (~> 1.1)
    daemons (1.1.0)
    eventmachine (1.0.0.beta.2)
    i18n (0.5.0)
    rack (1.2.1)
    rack-mount (0.6.13)
      rack (>= 1.0.0)
    thin (1.2.7)
      daemons (>= 1.0.9)
      eventmachine (>= 0.12.6)
      rack (>= 1.0.0)
    thor (0.14.6)

PLATFORMS
  ruby

DEPENDENCIES
  async-rack
  thin
  zync!
