GIT
  remote: git://github.com/kfaustino/em-spec.git
  revision: fc888b289a424fa93848ffdac3dc4b24fdd34950
  specs:
    em-spec (0.2.2)

PATH
  remote: .
  specs:
    zync (0.1.0)
      activesupport (~> 3.0.5)
      eventmachine (~> 1.0.0.beta.2)
      i18n
      rack (~> 1.2.1)
      rack-mount (~> 0.7.1)

GEM
  remote: http://rubygems.org/
  specs:
    activesupport (3.0.5)
    bson (1.2.4)
    bson_ext (1.2.4)
    daemons (1.1.0)
    diff-lcs (1.1.2)
    em-mongo (0.3.4)
      bson (>= 1.1.3)
      bson_ext (>= 1.1.3)
      eventmachine (>= 0.12.10)
    em-synchrony (0.2.0)
      eventmachine (>= 0.12.9)
    eventmachine (1.0.0.beta.3)
    i18n (0.5.0)
    rack (1.2.2)
    rack-mount (0.7.1)
      rack (>= 1.0.0)
    rspec (2.4.0)
      rspec-core (~> 2.4.0)
      rspec-expectations (~> 2.4.0)
      rspec-mocks (~> 2.4.0)
    rspec-core (2.4.0)
    rspec-expectations (2.4.0)
      diff-lcs (~> 1.1.2)
    rspec-mocks (2.4.0)
    thin (1.2.10)
      daemons (>= 1.0.9)
      eventmachine (>= 0.12.6)
      rack (>= 1.0.0)
    timecop (0.3.5)

PLATFORMS
  ruby

DEPENDENCIES
  bson_ext
  em-mongo
  em-spec!
  em-synchrony
  rspec (~> 2.4.0)
  thin
  timecop (~> 0.3.5)
  zync!
